PATH
  remote: .
  specs:
    encryptor (1.1.3)

GEM
  remote: http://rubygems.org/
  specs:
    rake (0.9.2.2)
    rcov (1.0.0)

PLATFORMS
  ruby

DEPENDENCIES
  encryptor!
  rake (= 0.9.2.2)
  rcov
